{
  "AcquisitionNumber": 1,
  "AcquisitionTime": "17:22:5.550000",
  "BandwidthPerPixelPhaseEncode": 13.355,
  "BodyPartExamined": "BRAIN",
  "ConversionSoftware": "dcm2niix",
  "ConversionSoftwareVersion": "v1.0.20170724 GCC4.4.7",
  "DeviceSerialNumber": "66018",
  "EchoTime": 0.066,
  "EchoTrainLength": 72,
  "EffectiveEchoSpacing": 0.000779983,
  "FlipAngle": 90,
  "ImageType": [
    "ORIGINAL",
    "PRIMARY",
    "M",
    "ND"
  ],
  "InstitutionAddress": "Stadium_1952_Princeton_NJ_US_08544",
  "InstitutionName": "Princeton_University",
  "MagneticFieldStrength": 3,
  "Manufacturer": "Siemens",
  "ManufacturersModelName": "Prisma",
  "PhaseEncodingDirection": "j-",
  "PhaseEncodingLines": 96,
  "ProcedureStepDescription": "Hasson_Baldassano_040518_SchemaScrambled",
  "ProtocolName": "fmap_dir-AP",
  "RepetitionTime": 8,
  "ScanningSequence": "EP",
  "SequenceName": "_epse2d1_96",
  "SequenceVariant": "SK_SP",
  "SeriesDescription": "fmap_dir-AP",
  "SoftwareVersions": "syngo_MR_E11",
  "TotalReadoutTime": 0.0553788
}