{
  "AccelFactPE": 4,
  "AcquisitionNumber": 1,
  "AcquisitionTime": "18:17:53.305000",
  "BandwidthPerPixelPhaseEncode": 13.355,
  "BodyPartExamined": "BRAIN",
  "ConversionSoftware": "dcm2niix",
  "ConversionSoftwareVersion": "v1.0.20170724 GCC4.4.7",
  "DeviceSerialNumber": "66018",
  "EchoTime": 0.039,
  "EchoTrainLength": 72,
  "EffectiveEchoSpacing": 0.000779983,
  "FlipAngle": 50,
  "ImageType": [
    "ORIGINAL",
    "PRIMARY",
    "M",
    "ND",
    "MOSAIC"
  ],
  "InstitutionAddress": "Stadium_1952_Princeton_NJ_US_08544",
  "InstitutionName": "Princeton_University",
  "MagneticFieldStrength": 3,
  "Manufacturer": "Siemens",
  "ManufacturersModelName": "Prisma",
  "PhaseEncodingDirection": "j-",
  "PhaseEncodingLines": 96,
  "ProcedureStepDescription": "Hasson_Baldassano_040518_SchemaScrambled",
  "ProtocolName": "func_task-CMIYC",
  "RepetitionTime": 1.5,
  "ScanningSequence": "EP",
  "SequenceName": "_epfid2d1_96",
  "SequenceVariant": "SK",
  "SeriesDescription": "func_task-CMIYC",
  "SliceTiming": [
    0.69,
    0,
    0.79,
    0.1,
    0.8875,
    0.1975,
    0.9875,
    0.295,
    1.085,
    0.395,
    1.185,
    0.4925,
    1.2825,
    0.5925,
    1.3825,
    0.69,
    0,
    0.79,
    0.1,
    0.8875,
    0.1975,
    0.9875,
    0.295,
    1.085,
    0.395,
    1.185,
    0.4925,
    1.2825,
    0.5925,
    1.3825,
    0.69,
    0,
    0.79,
    0.1,
    0.8875,
    0.1975,
    0.9875,
    0.295,
    1.085,
    0.395,
    1.185,
    0.4925,
    1.2825,
    0.5925,
    1.3825,
    0.69,
    0,
    0.79,
    0.1,
    0.8875,
    0.1975,
    0.9875,
    0.295,
    1.085,
    0.395,
    1.185,
    0.4925,
    1.2825,
    0.5925,
    1.3825
  ],
  "SoftwareVersions": "syngo_MR_E11",
  "TotalReadoutTime": 0.0530388,
  "TrueEchoSpacing": 0.00311993
}