{
  "AccelFactPE": 2,
  "AcquisitionNumber": 1,
  "AcquisitionTime": "19:25:53.980000",
  "BodyPartExamined": "BRAIN",
  "ConversionSoftware": "dcm2niix",
  "ConversionSoftwareVersion": "v1.0.20170724 GCC4.4.7",
  "DeviceSerialNumber": "66018",
  "EchoTime": 0.0033,
  "FlipAngle": 7,
  "ImageType": [
    "ORIGINAL",
    "PRIMARY",
    "M",
    "ND",
    "NORM"
  ],
  "InstitutionAddress": "Stadium_1952_Princeton_NJ_US_08544",
  "InstitutionName": "Princeton_University",
  "InversionTime": 1.1,
  "MagneticFieldStrength": 3,
  "Manufacturer": "Siemens",
  "ManufacturersModelName": "Prisma",
  "PhaseEncodingDirection": "i-",
  "PhaseEncodingLines": 256,
  "ProcedureStepDescription": "Hasson_Baldassano_040518_SchemaScrambled",
  "ProtocolName": "anat-T1w",
  "RepetitionTime": 2.53,
  "ScanningSequence": "GR_IR",
  "SequenceName": "_tfl3d1_16ns",
  "SequenceVariant": "SK_SP_MP",
  "SeriesDescription": "anat-T1w",
  "SoftwareVersions": "syngo_MR_E11"
}